PATH
  remote: .
  specs:
    octopussy (0.3.0)
      hashie (~> 0.4.0)
      httparty (~> 0.6.1)

GEM
  remote: http://rubygems.org/
  specs:
    crack (0.1.8)
    fakeweb (1.3.0)
    hashie (0.4.0)
    httparty (0.6.1)
      crack (= 0.1.8)
    jnunemaker-matchy (0.4.0)
    mocha (0.9.9)
      rake
    rake (0.8.7)
    shoulda (2.11.3)

PLATFORMS
  ruby

DEPENDENCIES
  fakeweb (~> 1.3)
  hashie (~> 0.4.0)
  httparty (~> 0.6.1)
  jnunemaker-matchy (~> 0.4.0)
  mocha (~> 0.9)
  octopussy!
  shoulda (~> 2.11)
